GEM
  remote: https://rubygems.org/
  specs:
    awesome_print (1.7.0)
    celluloid (0.17.3)
      celluloid-essentials
      celluloid-extras
      celluloid-fsm
      celluloid-pool
      celluloid-supervision
      timers (>= 4.1.1)
    celluloid-essentials (0.20.5)
      timers (>= 4.1.1)
    celluloid-extras (0.20.5)
      timers (>= 4.1.1)
    celluloid-fsm (0.20.5)
      timers (>= 4.1.1)
    celluloid-pool (0.20.5)
      timers (>= 4.1.1)
    celluloid-supervision (0.20.6)
      timers (>= 4.1.1)
    dotenv (2.1.1)
    hitimes (1.2.4)
    hitimes (1.2.4-x86-mingw32)
    httparty (0.13.7)
      json (~> 1.8)
      multi_xml (>= 0.5.2)
    json (1.8.3)
    multi_xml (0.5.5)
    timers (4.1.1)
      hitimes

PLATFORMS
  ruby
  x86-mingw32

DEPENDENCIES
  awesome_print
  celluloid
  dotenv
  httparty

BUNDLED WITH
   1.12.5
